{
  "Modality": "MR",
  "MagneticFieldStrength": 3,
  "ImagingFrequency": 123.258,
  "Manufacturer": "Siemens",
  "ManufacturersModelName": "Prisma",
  "InstitutionName": "ShanDong_Provincial_Hospital",
  "InstitutionalDepartmentName": "Department",
  "InstitutionAddress": "Street_StreetNo_Ji_Nan_District_CN_ZIP",
  "DeviceSerialNumber": "166105",
  "StationName": "AWP166105",
  "BodyPartExamined": "HEAD",
  "PatientPosition": "HFS",
  "ProcedureStepDescription": "Head_G-Res",
  "SoftwareVersions": "syngo_MR_E11",
  "MRAcquisitionType": "2D",
  "SeriesDescription": "brain-spinal_ep2d_motor_task",
  "ProtocolName": "brain-spinal_ep2d_motor_task",
  "ScanningSequence": "EP",
  "SequenceVariant": "SK",
  "ScanOptions": "SAT1_FS",
  "SequenceName": "_epfid2d1_128",
  "ImageType": [
    "ORIGINAL",
    "PRIMARY",
    "M",
    "ND",
    "NORM",
    "MOSAIC"
  ],
  "SeriesNumber": 20,
  "AcquisitionTime": "13:25:12.330000",
  "AcquisitionNumber": 1,
  "SliceThickness": 4,
  "SpacingBetweenSlices": 4,
  "SAR": 0.158692,
  "EchoTime": 0.027,
  "RepetitionTime": 2.68,
  "FlipAngle": 80,
  "PartialFourier": 1,
  "BaseResolution": 128,
  "ShimSetting": [
    363,
    -11651,
    6970,
    -447,
    52,
    427,
    -74,
    45
  ],
  "TxRefAmp": 263.725,
  "PhaseResolution": 1,
  "ReceiveCoilName": "HeadNeck_64",
  "ReceiveCoilActiveElements": "HC1-7;NC1,2",
  "CoilString": "HC1-7;NC1_2",
  "PulseSequenceDetails": "%SiemensSeq%_ep2d_bold",
  "RefLinesPE": 24,
  "ConsistencyInfo": "N4_VE11C_LATEST_20160120",
  "PercentPhaseFOV": 100,
  "EchoTrainLength": 63,
  "PhaseEncodingSteps": 127,
  "AcquisitionMatrixPE": 128,
  "ReconMatrixPE": 128,
  "BandwidthPerPixelPhaseEncode": 24.414,
  "ParallelReductionFactorInPlane": 2,
  "EffectiveEchoSpacing": 0.000320001,
  "DerivedVendorReportedEchoSpacing": 0.000640002,
  "TotalReadoutTime": 0.0406401,
  "PixelBandwidth": 1860,
  "DwellTime": 0.0000021,
  "PhaseEncodingDirection": "j",
  "SliceTiming": [
    1.2925,
    0,
    1.3675,
    0.0775,
    1.445,
    0.1525,
    1.52,
    0.2275,
    1.595,
    0.305,
    1.6725,
    0.38,
    1.7475,
    0.4575,
    1.825,
    0.5325,
    1.9,
    0.6075,
    1.975,
    0.685,
    2.0525,
    0.76,
    2.1275,
    0.835,
    2.205,
    0.9125,
    2.28,
    0.9875,
    2.355,
    1.065,
    2.4325,
    1.14,
    2.5075,
    1.215,
    2.585,
    1.2925,
    0,
    1.3675,
    0.0775,
    1.445,
    0.1525,
    1.52,
    0.2275,
    1.595,
    0.305,
    1.6725,
    0.38,
    1.7475,
    0.4575,
    1.825,
    0.5325,
    1.9,
    0.6075,
    1.975,
    0.685,
    2.0525,
    0.76,
    2.1275,
    0.835,
    2.205,
    0.9125,
    2.28,
    0.9875,
    2.355,
    1.065,
    2.4325,
    1.14,
    2.5075,
    1.215,
    2.585
  ],
  "ImageOrientationPatientDICOM": [
    0.999965,
    0.000935197,
    -0.00825165,
    2.43277E-8,
    0.993639,
    0.112617
  ],
  "InPlanePhaseEncodingDirectionDICOM": "COL",
  "ConversionSoftware": "dcm2niix",
  "ConversionSoftwareVersion": "v1.0.20190902",
  "TaskName": "motor",
  "NumberOfVolumesDiscardedByScanner": 6,
  "NumberOfVolumesDiscardedByUser": 0,
  "DelayTime": 0.0,
  "DelayAfterTrigger": 0.0,
  "Instructions": "Please fixate and remain still. Follow on-screen instructions.",
  "TaskDescription": "Thermal pain fMRI: alternating heat pain and rating periods. See events.tsv for details.",
  "GradientSetType": "XR",
  "MRTransmitCoilSequence": "Head/Neck",
  "MatrixCoilMode": "GRAPPA",
  "CoilCombinationMethod": "Adaptive Combine",
  "PulseSequenceType": "EPI",
  "MTState": false,
  "SpoilingState": false,
  "NumberShots": 1,
  "ParallelReductionFactorOutOfPlane": 1,
  "ParallelAcquisitionTechnique": "GRAPPA",
  "PartialFourierDirection": "PHASE",
  "SliceEncodingDirection": "k"
}
