{
  "Modality": "MR",
  "MagneticFieldStrength": 3,
  "ImagingFrequency": 123.2577,
  "Manufacturer": "Siemens",
  "ManufacturersModelName": "MAGNETOM Prisma",
  "InstitutionName": "ShanDong Provincial Hospital",
  "InstitutionalDepartmentName": "Department",
  "InstitutionAddress": "Street StreetNo,Ji Nan,District,CN,ZIP",
  "DeviceSerialNumber": "166105",
  "StationName": "AWP166105",
  "BodyPartExamined": "HEAD",
  "PatientPosition": "HFS",
  "ProcedureStepDescription": "Head^G-Res",
  "SoftwareVersions": "syngo MR E11",
  "MRAcquisitionType": "2D",
  "SeriesDescription": "brain-spinal_ep2d_AP_B0_epi1.5X1.5_motor_L",
  "ProtocolName": "brain-spinal_ep2d_AP_B0_epi1.5X1.5_motor_L",
  "ScanningSequence": "EP",
  "SequenceVariant": "SK\\SP",
  "ScanOptions": "PFP\\SFS",
  "SequenceName": "*ep_b0",
  "ImageType": [
    "ORIGINAL",
    "PRIMARY",
    "DIFFUSION",
    "NONE",
    "ND",
    "NORM"
  ],
  "NonlinearGradientCorrection": false,
  "SeriesNumber": 9,
  "AcquisitionTime": "07:30:2.555000",
  "AcquisitionNumber": 1,
  "SliceThickness": 4,
  "SpacingBetweenSlices": 4,
  "SAR": 0.242297,
  "EchoTime": 0.087,
  "RepetitionTime": 7.5,
  "SpoilingState": false,
  "FlipAngle": 90,
  "PartialFourier": 0.875,
  "BaseResolution": 128,
  "ShimSetting": [
    377,
    -11700,
    6880,
    -407,
    23,
    244,
    -237,
    -102
  ],
  "DiffusionScheme": "Monopolar",
  "TxRefAmp": 296.559,
  "PhaseResolution": 1,
  "ReceiveCoilName": "HeadNeck_64",
  "ReceiveCoilActiveElements": "HC1-7;NC1,2",
  "PulseSequenceDetails": "%SiemensSeq%\\ep2d_diff",
  "RefLinesPE": 40,
  "CoilCombinationMethod": "Adaptive Combine",
  "ConsistencyInfo": "N4_VE11C_LATEST_20160120",
  "PercentPhaseFOV": 100,
  "PercentSampling": 100,
  "EchoTrainLength": 55,
  "PhaseEncodingSteps": 110,
  "AcquisitionMatrixPE": 128,
  "ReconMatrixPE": 128,
  "BandwidthPerPixelPhaseEncode": 24.414,
  "ParallelReductionFactorInPlane": 2,
  "EffectiveEchoSpacing": 0.000320001,
  "DerivedVendorReportedEchoSpacing": 0.000640002,
  "TotalReadoutTime": 0.0406401,
  "PixelBandwidth": 1860,
  "DwellTime": 0.0000021,
  "PhaseEncodingDirection": "j-",
  "SliceTiming": [
    3.63281,
    0,
    3.84375,
    0.21094,
    4.0625,
    0.42969,
    4.27344,
    0.64062,
    4.48438,
    0.85156,
    4.70312,
    1.07031,
    4.91406,
    1.28125,
    5.125,
    1.49219,
    5.34375,
    1.71094,
    5.55469,
    1.92188,
    5.77344,
    2.13281,
    5.98438,
    2.35156,
    6.19531,
    2.5625,
    6.41406,
    2.78125,
    6.625,
    2.99219,
    6.83594,
    3.20312,
    7.05469,
    3.42188,
    7.26562,
    3.63281,
    0,
    3.84375,
    0.21094,
    4.0625,
    0.42969,
    4.27344,
    0.64062,
    4.48438,
    0.85156,
    4.70312,
    1.07031,
    4.91406,
    1.28125,
    5.125,
    1.49219,
    5.34375,
    1.71094,
    5.55469,
    1.92188,
    5.77344,
    2.13281,
    5.98438,
    2.35156,
    6.19531,
    2.5625,
    6.41406,
    2.78125,
    6.625,
    2.99219,
    6.83594,
    3.20312,
    7.05469,
    3.42188,
    7.26562
  ],
  "ImageOrientationPatientDICOM": [
    0.99987,
    -0.00111421,
    0.0160684,
    -4.39151E-8,
    0.997604,
    0.069178
  ],
  "ImageOrientationText": "Tra>Cor(4.0)>Sag(0.9)",
  "InPlanePhaseEncodingDirectionDICOM": "COL",
  "BidsGuess": [
    "dwi",
    "_acq-epb0m2_dir-AP_run-9_dwi"
  ],
  "ConversionSoftware": "dcm2niix",
  "ConversionSoftwareVersion": "v1.0.20240202",
  "NumberShots": 1,
  "MRTransmitCoilSequence": "Head/Neck",
  "MatrixCoilMode": "GRAPPA",
  "PulseSequenceType": "EPI",
  "B0FieldIdentifier": "b0map",
  "MTState": false,
  "GradientSetType": "XR",
  "ParallelReductionFactorOutOfPlane": 1,
  "ParallelAcquisitionTechnique": "GRAPPA",
  "PartialFourierDirection": "PHASE",
  "SliceEncodingDirection": "k"
}
