{
	"Modality": "MR",
	"MagneticFieldStrength": 3,
	"ImagingFrequency": 123.258,
	"Manufacturer": "Siemens",
	"ManufacturersModelName": "Prisma",
	"InstitutionName": "ShanDong Provincial Hospital",
	"InstitutionalDepartmentName": "Department",
	"InstitutionAddress": "Street StreetNo,Ji Nan,District,CN,ZIP",
	"DeviceSerialNumber": "166105",
	"StationName": "AWP166105",
	"BodyPartExamined": "HEAD",
	"PatientPosition": "HFS",
	"ProcedureStepDescription": "Head^G-Res",
	"SoftwareVersions": "syngo MR E11",
	"MRAcquisitionType": "2D",
	"SeriesDescription": "brain-spinal_ep2d_AP_B0_epi1.5X1.5_motor_R",
	"ProtocolName": "brain-spinal_ep2d_AP_B0_epi1.5X1.5_motor_R",
	"ScanningSequence": "EP",
	"SequenceVariant": "SK\\SP",
	"ScanOptions": "PFP\\SFS",
	"SequenceName": "*ep_b0",
	"ImageType": ["ORIGINAL", "PRIMARY", "DIFFUSION", "NONE", "ND", "NORM"],
	"SeriesNumber": 7,
	"AcquisitionTime": "07:12:42.190000",
	"AcquisitionNumber": 1,
	"SliceThickness": 4,
	"SpacingBetweenSlices": 4,
	"SAR": 0.207252,
	"EchoTime": 0.087,
	"RepetitionTime": 7.5,
	"SpoilingState": true,
	"FlipAngle": 90,
	"PartialFourier": 0.875,
	"BaseResolution": 128,
	"ShimSetting": [
		378,
		-11544,
		6920,
		-246,
		121,
		180,
		-7,
		96	],
	"DiffusionScheme": "Monopolar",
	"TxRefAmp": 249.592,
	"PhaseResolution": 1,
	"ReceiveCoilName": "HeadNeck_64",
	"ReceiveCoilActiveElements": "HC1-7;NC1,2",
	"PulseSequenceDetails": "%SiemensSeq%\\ep2d_diff",
	"RefLinesPE": 40,
	"CoilCombinationMethod": "Adaptive Combine",
	"ConsistencyInfo": "N4_VE11C_LATEST_20160120",
	"MultibandAccelerationFactor": 2,
	"PercentPhaseFOV": 100,
	"PercentSampling": 100,
	"EchoTrainLength": 55,
	"PhaseEncodingSteps": 110,
	"AcquisitionMatrixPE": 128,
	"ReconMatrixPE": 128,
	"BandwidthPerPixelPhaseEncode": 24.414,
	"ParallelReductionFactorInPlane": 2,
	"EffectiveEchoSpacing": 0.000320001,
	"DerivedVendorReportedEchoSpacing": 0.000640002,
	"TotalReadoutTime": 0.0406401,
	"PixelBandwidth": 1860,
	"DwellTime": 2.1e-06,
	"PhaseEncodingDirection": "j-",
	"SliceTiming": [
		3.63281,
		0,
		3.85156,
		0.21875,
		4.0625,
		0.42969,
		4.27344,
		0.64062,
		4.48438,
		0.85156,
		4.70312,
		1.07031,
		4.91406,
		1.28125,
		5.13281,
		1.5,
		5.34375,
		1.71094,
		5.55469,
		1.92188,
		5.77344,
		2.14062,
		5.98438,
		2.35156,
		6.19531,
		2.5625,
		6.41406,
		2.78125,
		6.625,
		2.99219,
		6.84375,
		3.21094,
		7.05469,
		3.42188,
		7.26562,
		3.63281,
		0,
		3.85156,
		0.21875,
		4.0625,
		0.42969,
		4.27344,
		0.64062,
		4.48438,
		0.85156,
		4.70312,
		1.07031,
		4.91406,
		1.28125,
		5.13281,
		1.5,
		5.34375,
		1.71094,
		5.55469,
		1.92188,
		5.77344,
		2.14062,
		5.98438,
		2.35156,
		6.19531,
		2.5625,
		6.41406,
		2.78125,
		6.625,
		2.99219,
		6.84375,
		3.21094,
		7.05469,
		3.42188,
		7.26562	],
	"ImageOrientationPatientDICOM": [
		0.999966,
		0.00037024,
		-0.00825877,
		-5.09256e-08,
		0.998997,
		0.0447787	],
	"ImageOrientationText": "Tra>Cor(2.6)>Sag(-0.5)",
	"InPlanePhaseEncodingDirectionDICOM": "COL",
	"ConversionSoftware": "dcm2niix",
	"ConversionSoftwareVersion": "v1.0.20211006"
}
