{
	"Modality": "MR",
	"MagneticFieldStrength": 3,
	"ImagingFrequency": 123.258,
	"Manufacturer": "Siemens",
	"ManufacturersModelName": "Prisma",
	"InstitutionName": "ShanDong_Provincial_Hospital",
	"InstitutionalDepartmentName": "Department",
	"InstitutionAddress": "Street_StreetNo_Ji_Nan_District_CN_ZIP",
	"DeviceSerialNumber": "166105",
	"StationName": "AWP166105",
	"BodyPartExamined": "HEAD",
	"PatientPosition": "HFS",
	"ProcedureStepDescription": "Head_G-Res",
	"SoftwareVersions": "syngo_MR_E11",
	"MRAcquisitionType": "2D",
	"SeriesDescription": "brain-spinal_ep2d_PA_B0_epi1.5X1.5_motor_L",
	"ProtocolName": "brain-spinal_ep2d_PA_B0_epi1.5X1.5_motor_L",
	"ScanningSequence": "EP",
	"SequenceVariant": "SK_SP",
	"ScanOptions": "PFP_SFS",
	"SequenceName": "_ep_b0",
	"ImageType": ["ORIGINAL", "PRIMARY", "DIFFUSION", "NONE", "ND", "NORM"],
	"SeriesNumber": 4,
	"AcquisitionTime": "07:21:16.055000",
	"AcquisitionNumber": 1,
	"SliceThickness": 4,
	"SpacingBetweenSlices": 4,
	"SAR": 0.223761,
	"EchoTime": 0.087,
	"RepetitionTime": 7.5,
	"FlipAngle": 90,
	"PartialFourier": 0.875,
	"BaseResolution": 128,
	"ShimSetting": [
		380,
		-11700,
		6917,
		-382,
		44,
		288,
		492,
		66	],
	"DiffusionScheme": "Monopolar",
	"TxRefAmp": 241.452,
	"PhaseResolution": 1,
	"ReceiveCoilName": "HeadNeck_64",
	"ReceiveCoilActiveElements": "HC1-7;NC1,2",
	"CoilString": "HC1-7;NC1_2",
	"PulseSequenceDetails": "%SiemensSeq%_ep2d_diff",
	"RefLinesPE": 40,
	"ConsistencyInfo": "N4_VE11C_LATEST_20160120",
	"MultibandAccelerationFactor": 2,
	"PercentPhaseFOV": 100,
	"EchoTrainLength": 55,
	"PhaseEncodingSteps": 110,
	"AcquisitionMatrixPE": 128,
	"ReconMatrixPE": 128,
	"BandwidthPerPixelPhaseEncode": 24.414,
	"ParallelReductionFactorInPlane": 2,
	"EffectiveEchoSpacing": 0.000320001,
	"DerivedVendorReportedEchoSpacing": 0.000640002,
	"TotalReadoutTime": 0.0406401,
	"PixelBandwidth": 1860,
	"DwellTime": 2.1e-06,
	"PhaseEncodingDirection": "j",
	"SliceTiming": [
		3.63281,
		0,
		3.84375,
		0.21094,
		4.0625,
		0.42969,
		4.27344,
		0.64062,
		4.48438,
		0.85938,
		4.70312,
		1.07031,
		4.91406,
		1.28125,
		5.125,
		1.49219,
		5.34375,
		1.71094,
		5.55469,
		1.92188,
		5.77344,
		2.14062,
		5.98438,
		2.35156,
		6.19531,
		2.5625,
		6.41406,
		2.78125,
		6.625,
		2.99219,
		6.83594,
		3.20312,
		7.05469,
		3.42188,
		7.26562,
		3.63281,
		0,
		3.84375,
		0.21094,
		4.0625,
		0.42969,
		4.27344,
		0.64062,
		4.48438,
		0.85938,
		4.70312,
		1.07031,
		4.91406,
		1.28125,
		5.125,
		1.49219,
		5.34375,
		1.71094,
		5.55469,
		1.92188,
		5.77344,
		2.14062,
		5.98438,
		2.35156,
		6.19531,
		2.5625,
		6.41406,
		2.78125,
		6.625,
		2.99219,
		6.83594,
		3.20312,
		7.05469,
		3.42188,
		7.26562	],
	"ImageOrientationPatientDICOM": [
		0.999966,
		0.000399081,
		-0.00825856,
		-1.39978e-08,
		0.998835,
		0.0482653	],
	"InPlanePhaseEncodingDirectionDICOM": "COL",
	"ConversionSoftware": "dcm2niix",
	"ConversionSoftwareVersion": "v1.0.20190902"
}
