{
  "Modality": "MR",
  "MagneticFieldStrength": 3,
  "ImagingFrequency": 123.258,
  "Manufacturer": "Siemens",
  "ManufacturersModelName": "MAGNETOM Prisma",
  "InstitutionName": "ShanDong Provincial Hospital",
  "InstitutionalDepartmentName": "Department",
  "InstitutionAddress": "Street StreetNo,Ji Nan,District,CN,ZIP",
  "DeviceSerialNumber": "166105",
  "StationName": "AWP166105",
  "BodyPartExamined": "HEAD",
  "PatientPosition": "HFS",
  "ProcedureStepDescription": "Head^G-Res",
  "SoftwareVersions": "syngo MR E11",
  "MRAcquisitionType": "2D",
  "SeriesDescription": "brain-spinal_ep2d_PA_B0_epi1.5X1.5_motor_R",
  "ProtocolName": "brain-spinal_ep2d_PA_B0_epi1.5X1.5_motor_R",
  "ScanningSequence": "EP",
  "SequenceVariant": "SK\\SP",
  "ScanOptions": "PFP\\SFS",
  "SequenceName": "*ep_b0",
  "ImageType": [
    "ORIGINAL",
    "PRIMARY",
    "DIFFUSION",
    "NONE",
    "ND",
    "NORM"
  ],
  "SeriesNumber": 14,
  "AcquisitionTime": "23:15:24.437500",
  "AcquisitionNumber": 1,
  "SliceThickness": 4,
  "SpacingBetweenSlices": 4,
  "SAR": 0.247898,
  "EchoTime": 0.087,
  "RepetitionTime": 7.5,
  "SpoilingState": false,
  "FlipAngle": 90,
  "PartialFourier": 0.875,
  "BaseResolution": 128,
  "ShimSetting": [
    362,
    -11584,
    6975,
    -476,
    135,
    119,
    -106,
    -211
  ],
  "DiffusionScheme": "Monopolar",
  "TxRefAmp": 292.772,
  "PhaseResolution": 1,
  "ReceiveCoilName": "HeadNeck_64",
  "ReceiveCoilActiveElements": "HC1-7;NC1,2",
  "PulseSequenceDetails": "%SiemensSeq%\\ep2d_diff",
  "RefLinesPE": 40,
  "CoilCombinationMethod": "Adaptive Combine",
  "ConsistencyInfo": "N4_VE11C_LATEST_20160120",
  "PercentPhaseFOV": 100,
  "PercentSampling": 100,
  "EchoTrainLength": 55,
  "PhaseEncodingSteps": 110,
  "AcquisitionMatrixPE": 128,
  "ReconMatrixPE": 128,
  "BandwidthPerPixelPhaseEncode": 24.414,
  "ParallelReductionFactorInPlane": 2,
  "EffectiveEchoSpacing": 0.000320001,
  "DerivedVendorReportedEchoSpacing": 0.000640002,
  "TotalReadoutTime": 0.0406401,
  "PixelBandwidth": 1860,
  "DwellTime": 0.0000021,
  "PhaseEncodingDirection": "j",
  "SliceTiming": [
    3.625,
    0,
    3.84375,
    0.20312,
    4.04688,
    0.42188,
    4.26562,
    0.625,
    4.48438,
    0.84375,
    4.6875,
    1.0625,
    4.90625,
    1.28125,
    5.125,
    1.48438,
    5.32812,
    1.70312,
    5.54688,
    1.92188,
    5.76562,
    2.125,
    5.96875,
    2.34375,
    6.1875,
    2.5625,
    6.40625,
    2.76562,
    6.625,
    2.98438,
    6.82812,
    3.20312,
    7.04688,
    3.40625,
    7.25,
    3.625,
    0,
    3.84375,
    0.20312,
    4.04688,
    0.42188,
    4.26562,
    0.625,
    4.48438,
    0.84375,
    4.6875,
    1.0625,
    4.90625,
    1.28125,
    5.125,
    1.48438,
    5.32812,
    1.70312,
    5.54688,
    1.92188,
    5.76562,
    2.125,
    5.96875,
    2.34375,
    6.1875,
    2.5625,
    6.40625,
    2.76562,
    6.625,
    2.98438,
    6.82812,
    3.20312,
    7.04688,
    3.40625,
    7.25
  ],
  "ImageOrientationPatientDICOM": [
    0.999896,
    -0.000619768,
    0.0143878,
    -3.16127E-8,
    0.999073,
    0.0430382
  ],
  "ImageOrientationText": "Tra>Cor(2.5)>Sag(0.8)",
  "InPlanePhaseEncodingDirectionDICOM": "COL",
  "ConversionSoftware": "dcm2niix",
  "ConversionSoftwareVersion": "v1.0.20211006",
  "NumberShots": 1,
  "MRTransmitCoilSequence": "Head/Neck",
  "MatrixCoilMode": "GRAPPA",
  "PulseSequenceType": "EPI",
  "B0FieldIdentifier": "b0map",
  "MTState": false,
  "GradientSetType": "XR",
  "ParallelReductionFactorOutOfPlane": 1,
  "ParallelAcquisitionTechnique": "GRAPPA",
  "PartialFourierDirection": "PHASE",
  "SliceEncodingDirection": "k"
}
