{
  "Modality": "MR",
  "MagneticFieldStrength": 3,
  "ImagingFrequency": 123.258,
  "Manufacturer": "Siemens",
  "ManufacturersModelName": "MAGNETOM Prisma",
  "InstitutionName": "ShanDong Provincial Hospital",
  "InstitutionalDepartmentName": "Department",
  "InstitutionAddress": "Street StreetNo,Ji Nan,District,CN,ZIP",
  "DeviceSerialNumber": "166105",
  "StationName": "AWP166105",
  "BodyPartExamined": "HEAD",
  "PatientPosition": "HFS",
  "ProcedureStepDescription": "Head^G-Res",
  "SoftwareVersions": "syngo MR E11",
  "MRAcquisitionType": "2D",
  "SeriesDescription": "brain-spinal_ep2d_AP_B0_epi1.5X1.5_motor_L",
  "ProtocolName": "brain-spinal_ep2d_AP_B0_epi1.5X1.5_motor_L",
  "ScanningSequence": "EP",
  "SequenceVariant": "SK\\SP",
  "ScanOptions": "PFP\\SFS",
  "SequenceName": "*ep_b0",
  "ImageType": [
    "ORIGINAL",
    "PRIMARY",
    "DIFFUSION",
    "NONE",
    "ND",
    "NORM"
  ],
  "SeriesNumber": 3,
  "AcquisitionTime": "06:28:48.210000",
  "AcquisitionNumber": 1,
  "SliceThickness": 4,
  "SpacingBetweenSlices": 4,
  "SAR": 0.208675,
  "EchoTime": 0.087,
  "RepetitionTime": 7.5,
  "SpoilingState": false,
  "FlipAngle": 90,
  "PartialFourier": 0.875,
  "BaseResolution": 128,
  "ShimSetting": [
    335,
    -11620,
    6895,
    -46,
    -43,
    68,
    490,
    -80
  ],
  "DiffusionScheme": "Monopolar",
  "TxRefAmp": 260.226,
  "PhaseResolution": 1,
  "ReceiveCoilName": "HeadNeck_64",
  "ReceiveCoilActiveElements": "HC1-7;NC1,2",
  "PulseSequenceDetails": "%SiemensSeq%\\ep2d_diff",
  "RefLinesPE": 40,
  "CoilCombinationMethod": "Adaptive Combine",
  "ConsistencyInfo": "N4_VE11C_LATEST_20160120",
  "PercentPhaseFOV": 100,
  "PercentSampling": 100,
  "EchoTrainLength": 55,
  "PhaseEncodingSteps": 110,
  "AcquisitionMatrixPE": 128,
  "ReconMatrixPE": 128,
  "BandwidthPerPixelPhaseEncode": 24.414,
  "ParallelReductionFactorInPlane": 2,
  "EffectiveEchoSpacing": 0.000320001,
  "DerivedVendorReportedEchoSpacing": 0.000640002,
  "TotalReadoutTime": 0.0406401,
  "PixelBandwidth": 1860,
  "DwellTime": 0.0000021,
  "PhaseEncodingDirection": "j-",
  "SliceTiming": [
    3.63281,
    0,
    3.84766,
    0.21094,
    4.05859,
    0.42578,
    4.27344,
    0.64062,
    4.48828,
    0.85547,
    4.70312,
    1.06641,
    4.91406,
    1.28125,
    5.12891,
    1.49609,
    5.34375,
    1.71094,
    5.55859,
    1.92188,
    5.76953,
    2.13672,
    5.98047,
    2.34766,
    6.19531,
    2.5625,
    6.41016,
    2.77734,
    6.625,
    2.99219,
    6.83594,
    3.20312,
    7.05078,
    3.41797,
    7.26562,
    3.63281,
    0,
    3.84766,
    0.21094,
    4.05859,
    0.42578,
    4.27344,
    0.64062,
    4.48828,
    0.85547,
    4.70312,
    1.06641,
    4.91406,
    1.28125,
    5.12891,
    1.49609,
    5.34375,
    1.71094,
    5.55859,
    1.92188,
    5.76953,
    2.13672,
    5.98047,
    2.34766,
    6.19531,
    2.5625,
    6.41016,
    2.77734,
    6.625,
    2.99219,
    6.83594,
    3.20312,
    7.05078,
    3.41797,
    7.26562
  ],
  "ImageOrientationPatientDICOM": [
    0.999966,
    0.000731899,
    -0.00825496,
    -5.9401E-8,
    0.996093,
    0.0883082
  ],
  "ImageOrientationText": "Tra>Cor(5.1)>Sag(-0.5)",
  "InPlanePhaseEncodingDirectionDICOM": "COL",
  "ConversionSoftware": "dcm2niix",
  "ConversionSoftwareVersion": "v1.0.20211006",
  "NumberShots": 1,
  "MRTransmitCoilSequence": "Head/Neck",
  "MatrixCoilMode": "GRAPPA",
  "PulseSequenceType": "EPI",
  "B0FieldIdentifier": "b0map",
  "MTState": false,
  "GradientSetType": "XR",
  "ParallelReductionFactorOutOfPlane": 1,
  "ParallelAcquisitionTechnique": "GRAPPA",
  "PartialFourierDirection": "PHASE",
  "SliceEncodingDirection": "k",
  "MixingTime": 0.0,
  "MultibandAccelerationFactor": 2
}
