{
	"Modality": "MR",
	"MagneticFieldStrength": 3,
	"ImagingFrequency": 123.258,
	"Manufacturer": "Siemens",
	"ManufacturersModelName": "Prisma",
	"InstitutionName": "ShanDong_Provincial_Hospital",
	"InstitutionalDepartmentName": "Department",
	"InstitutionAddress": "Street_StreetNo_Ji_Nan_District_CN_ZIP",
	"DeviceSerialNumber": "166105",
	"StationName": "AWP166105",
	"BodyPartExamined": "HEAD",
	"PatientPosition": "HFS",
	"ProcedureStepDescription": "Head_G-Res",
	"SoftwareVersions": "syngo_MR_E11",
	"MRAcquisitionType": "2D",
	"SeriesDescription": "brain-spinal_ep2d_PA_B0_epi1.5X1.5_motor",
	"ProtocolName": "brain-spinal_ep2d_PA_B0_epi1.5X1.5_motor",
	"ScanningSequence": "EP",
	"SequenceVariant": "SK_SP",
	"ScanOptions": "PFP_SFS",
	"SequenceName": "_ep_b0",
	"ImageType": ["ORIGINAL", "PRIMARY", "DIFFUSION", "NONE", "ND", "NORM"],
	"SeriesNumber": 19,
	"AcquisitionTime": "13:24:43.780000",
	"AcquisitionNumber": 1,
	"SliceThickness": 4,
	"SpacingBetweenSlices": 4,
	"SAR": 0.234038,
	"EchoTime": 0.087,
	"RepetitionTime": 7.5,
	"FlipAngle": 90,
	"PartialFourier": 0.875,
	"BaseResolution": 128,
	"ShimSetting": [
		363,
		-11651,
		6970,
		-447,
		52,
		427,
		-74,
		45	],
	"DiffusionScheme": "Monopolar",
	"TxRefAmp": 263.725,
	"PhaseResolution": 1,
	"ReceiveCoilName": "HeadNeck_64",
	"ReceiveCoilActiveElements": "HC1-7;NC1,2",
	"CoilString": "HC1-7;NC1_2",
	"PulseSequenceDetails": "%SiemensSeq%_ep2d_diff",
	"RefLinesPE": 40,
	"ConsistencyInfo": "N4_VE11C_LATEST_20160120",
	"MultibandAccelerationFactor": 2,
	"PercentPhaseFOV": 100,
	"EchoTrainLength": 55,
	"PhaseEncodingSteps": 110,
	"AcquisitionMatrixPE": 128,
	"ReconMatrixPE": 128,
	"BandwidthPerPixelPhaseEncode": 24.414,
	"ParallelReductionFactorInPlane": 2,
	"EffectiveEchoSpacing": 0.000320001,
	"DerivedVendorReportedEchoSpacing": 0.000640002,
	"TotalReadoutTime": 0.0406401,
	"PixelBandwidth": 1860,
	"DwellTime": 2.1e-06,
	"PhaseEncodingDirection": "j",
	"SliceTiming": [
		3.64062,
		0,
		3.85938,
		0.21875,
		4.0625,
		0.4375,
		4.28125,
		0.64062,
		4.48438,
		0.85938,
		4.70312,
		1.07812,
		4.92188,
		1.28125,
		5.14062,
		1.5,
		5.34375,
		1.71875,
		5.5625,
		1.92188,
		5.78125,
		2.14062,
		5.98438,
		2.35938,
		6.20312,
		2.5625,
		6.42188,
		2.78125,
		6.625,
		3,
		6.84375,
		3.21875,
		7.0625,
		3.42188,
		7.26562,
		3.64062,
		0,
		3.85938,
		0.21875,
		4.0625,
		0.4375,
		4.28125,
		0.64062,
		4.48438,
		0.85938,
		4.70312,
		1.07812,
		4.92188,
		1.28125,
		5.14062,
		1.5,
		5.34375,
		1.71875,
		5.5625,
		1.92188,
		5.78125,
		2.14062,
		5.98438,
		2.35938,
		6.20312,
		2.5625,
		6.42188,
		2.78125,
		6.625,
		3,
		6.84375,
		3.21875,
		7.0625,
		3.42188,
		7.26562	],
	"ImageOrientationPatientDICOM": [
		0.999965,
		0.000935197,
		-0.00825165,
		2.43277e-08,
		0.993639,
		0.112617	],
	"InPlanePhaseEncodingDirectionDICOM": "COL",
	"ConversionSoftware": "dcm2niix",
	"ConversionSoftwareVersion": "v1.0.20190902"
}
