{
  "Modality": "MR",
  "MagneticFieldStrength": 3,
  "ImagingFrequency": 123.257707,
  "Manufacturer": "Siemens",
  "ManufacturersModelName": "Prisma",
  "InstitutionName": "ShanDong Provincial Hospital",
  "InstitutionalDepartmentName": "Department",
  "InstitutionAddress": "Street StreetNo,Ji Nan,District,CN,ZIP",
  "DeviceSerialNumber": "166105",
  "StationName": "AWP166105",
  "BodyPartExamined": "HEAD",
  "PatientPosition": "HFS",
  "ProcedureStepDescription": "Head^G-Res",
  "SoftwareVersions": "syngo MR E11",
  "MRAcquisitionType": "2D",
  "SeriesDescription": "brain-spinal_ep2d_motor_R_task",
  "ProtocolName": "brain-spinal_ep2d_motor_R_task",
  "ScanningSequence": "EP",
  "SequenceVariant": "SK",
  "ScanOptions": "SAT1\\FS",
  "SequenceName": "*epfid2d1_128",
  "ImageType": [
    "ORIGINAL",
    "PRIMARY",
    "M",
    "ND",
    "NORM",
    "MOSAIC"
  ],
  "NonlinearGradientCorrection": false,
  "SeriesNumber": 14,
  "AcquisitionTime": "07:39:32.685000",
  "AcquisitionNumber": 1,
  "SliceThickness": 4,
  "SpacingBetweenSlices": 4,
  "SAR": 0.162056,
  "EchoTime": 0.027,
  "RepetitionTime": 2.68,
  "FlipAngle": 80,
  "PartialFourier": 1,
  "BaseResolution": 128,
  "ShimSetting": [
    377,
    -11700,
    6880,
    -407,
    23,
    244,
    -237,
    -102
  ],
  "TxRefAmp": 296.559,
  "PhaseResolution": 1,
  "ReceiveCoilName": "HeadNeck_64",
  "ReceiveCoilActiveElements": "HC1-7;NC1,2",
  "PulseSequenceDetails": "%SiemensSeq%\\ep2d_bold",
  "RefLinesPE": 24,
  "CoilCombinationMethod": "Sum of Squares",
  "ConsistencyInfo": "N4_VE11C_LATEST_20160120",
  "MultibandAccelerationFactor": 2,
  "PercentPhaseFOV": 100,
  "PercentSampling": 100,
  "EchoTrainLength": 63,
  "PhaseEncodingSteps": 127,
  "AcquisitionMatrixPE": 128,
  "ReconMatrixPE": 128,
  "BandwidthPerPixelPhaseEncode": 24.414,
  "ParallelReductionFactorInPlane": 2,
  "EffectiveEchoSpacing": 0.000320001,
  "DerivedVendorReportedEchoSpacing": 0.000640002,
  "TotalReadoutTime": 0.0406401,
  "PixelBandwidth": 1860,
  "DwellTime": 0.0000021,
  "PhaseEncodingDirection": "j",
  "SliceTiming": [
    1.2925,
    0,
    1.3675,
    0.0775,
    1.445,
    0.1525,
    1.52,
    0.23,
    1.5975,
    0.305,
    1.6725,
    0.38,
    1.7475,
    0.4575,
    1.825,
    0.5325,
    1.9,
    0.61,
    1.9775,
    0.685,
    2.0525,
    0.76,
    2.1275,
    0.8375,
    2.205,
    0.9125,
    2.28,
    0.9875,
    2.3575,
    1.065,
    2.4325,
    1.14,
    2.5075,
    1.2175,
    2.585,
    1.2925,
    0,
    1.3675,
    0.0775,
    1.445,
    0.1525,
    1.52,
    0.23,
    1.5975,
    0.305,
    1.6725,
    0.38,
    1.7475,
    0.4575,
    1.825,
    0.5325,
    1.9,
    0.61,
    1.9775,
    0.685,
    2.0525,
    0.76,
    2.1275,
    0.8375,
    2.205,
    0.9125,
    2.28,
    0.9875,
    2.3575,
    1.065,
    2.4325,
    1.14,
    2.5075,
    1.2175,
    2.585
  ],
  "ImageOrientationPatientDICOM": [
    0.99987,
    -0.00111421,
    0.0160684,
    -4.39151E-8,
    0.997604,
    0.069178
  ],
  "ImageOrientationText": "Tra>Cor(4.0)>Sag(0.9)",
  "InPlanePhaseEncodingDirectionDICOM": "COL",
  "BidsGuess": [
    "func",
    "_acq-epfid2m2_dir-PA_run-14_bold"
  ],
  "ConversionSoftware": "dcm2niix",
  "ConversionSoftwareVersion": "v1.0.20240202",
  "TaskName": "motor"
}
