{
	"Modality": "MR",
	"MagneticFieldStrength": 3,
	"ImagingFrequency": 123.257,
	"Manufacturer": "Siemens",
	"ManufacturersModelName": "Prisma",
	"InstitutionName": "ShanDong Provincial Hospital",
	"InstitutionalDepartmentName": "Department",
	"InstitutionAddress": "Street StreetNo,Ji Nan,District,CN,ZIP",
	"DeviceSerialNumber": "166105",
	"StationName": "AWP166105",
	"BodyPartExamined": "HEAD",
	"PatientPosition": "HFS",
	"ProcedureStepDescription": "Head^G-Res",
	"SoftwareVersions": "syngo MR E11",
	"MRAcquisitionType": "2D",
	"SeriesDescription": "brain-spinal_ep2d_PA_B0_epi1.5X1.5_motor_R",
	"ProtocolName": "brain-spinal_ep2d_PA_B0_epi1.5X1.5_motor_R",
	"ScanningSequence": "EP",
	"SequenceVariant": "SK\\SP",
	"ScanOptions": "PFP\\SFS",
	"SequenceName": "*ep_b0",
	"ImageType": ["ORIGINAL", "PRIMARY", "DIFFUSION", "NONE", "ND", "NORM"],
	"SeriesNumber": 4,
	"AcquisitionTime": "06:30:44.580000",
	"AcquisitionNumber": 1,
	"SliceThickness": 4,
	"SpacingBetweenSlices": 4,
	"SAR": 0.211693,
	"EchoTime": 0.087,
	"RepetitionTime": 7.5,
	"SpoilingState": true,
	"FlipAngle": 90,
	"PartialFourier": 0.875,
	"BaseResolution": 128,
	"ShimSetting": [
		370,
		-11591,
		6928,
		-404,
		175,
		47,
		-269,
		158	],
	"DiffusionScheme": "Monopolar",
	"TxRefAmp": 276.823,
	"PhaseResolution": 1,
	"ReceiveCoilName": "HeadNeck_64",
	"ReceiveCoilActiveElements": "HC1-7;NC1,2",
	"PulseSequenceDetails": "%SiemensSeq%\\ep2d_diff",
	"RefLinesPE": 40,
	"CoilCombinationMethod": "Adaptive Combine",
	"ConsistencyInfo": "N4_VE11C_LATEST_20160120",
	"MultibandAccelerationFactor": 2,
	"PercentPhaseFOV": 100,
	"PercentSampling": 100,
	"EchoTrainLength": 55,
	"PhaseEncodingSteps": 110,
	"AcquisitionMatrixPE": 128,
	"ReconMatrixPE": 128,
	"BandwidthPerPixelPhaseEncode": 24.414,
	"ParallelReductionFactorInPlane": 2,
	"EffectiveEchoSpacing": 0.000320001,
	"DerivedVendorReportedEchoSpacing": 0.000640002,
	"TotalReadoutTime": 0.0406401,
	"PixelBandwidth": 1860,
	"DwellTime": 2.1e-06,
	"PhaseEncodingDirection": "j",
	"SliceTiming": [
		3.62891,
		0,
		3.84375,
		0.21094,
		4.05859,
		0.42578,
		4.26953,
		0.63672,
		4.48438,
		0.85156,
		4.69922,
		1.06641,
		4.91406,
		1.28125,
		5.125,
		1.49219,
		5.33984,
		1.70703,
		5.55469,
		1.92188,
		5.76953,
		2.13672,
		5.98047,
		2.34766,
		6.19531,
		2.5625,
		6.41016,
		2.77734,
		6.625,
		2.99219,
		6.83594,
		3.20312,
		7.05078,
		3.41406,
		7.26172,
		3.62891,
		0,
		3.84375,
		0.21094,
		4.05859,
		0.42578,
		4.26953,
		0.63672,
		4.48438,
		0.85156,
		4.69922,
		1.06641,
		4.91406,
		1.28125,
		5.125,
		1.49219,
		5.33984,
		1.70703,
		5.55469,
		1.92188,
		5.76953,
		2.13672,
		5.98047,
		2.34766,
		6.19531,
		2.5625,
		6.41016,
		2.77734,
		6.625,
		2.99219,
		6.83594,
		3.20312,
		7.05078,
		3.41406,
		7.26172	],
	"ImageOrientationPatientDICOM": [
		0.999966,
		8.16443e-05,
		-0.00826,
		4.96749e-08,
		0.999951,
		0.00988983	],
	"ImageOrientationText": "Tra>Cor(0.6)>Sag(-0.5)",
	"InPlanePhaseEncodingDirectionDICOM": "COL",
	"ConversionSoftware": "dcm2niix",
	"ConversionSoftwareVersion": "v1.0.20211006"
}
