{
  "Modality": "MR",
  "MagneticFieldStrength": 3,
  "ImagingFrequency": 123.258,
  "Manufacturer": "Siemens",
  "ManufacturersModelName": "Prisma",
  "InstitutionName": "ShanDong_Provincial_Hospital",
  "InstitutionalDepartmentName": "Department",
  "InstitutionAddress": "Street_StreetNo_Ji_Nan_District_CN_ZIP",
  "DeviceSerialNumber": "166105",
  "StationName": "AWP166105",
  "BodyPartExamined": "HEAD",
  "PatientPosition": "HFS",
  "ProcedureStepDescription": "Head_G-Res",
  "SoftwareVersions": "syngo_MR_E11",
  "MRAcquisitionType": "2D",
  "SeriesDescription": "brain-spinal_ep2d_motor_2_task",
  "ProtocolName": "brain-spinal_ep2d_motor_2_task",
  "ScanningSequence": "EP",
  "SequenceVariant": "SK",
  "ScanOptions": "SAT1_FS",
  "SequenceName": "_epfid2d1_128",
  "ImageType": [
    "ORIGINAL",
    "PRIMARY",
    "M",
    "ND",
    "NORM",
    "MOSAIC"
  ],
  "SeriesNumber": 17,
  "AcquisitionTime": "13:16:40.815000",
  "AcquisitionNumber": 1,
  "SliceThickness": 4,
  "SpacingBetweenSlices": 4,
  "SAR": 0.158692,
  "EchoTime": 0.027,
  "RepetitionTime": 2.68,
  "FlipAngle": 80,
  "PartialFourier": 1,
  "BaseResolution": 128,
  "ShimSetting": [
    363,
    -11651,
    6970,
    -447,
    52,
    427,
    -74,
    45
  ],
  "TxRefAmp": 263.725,
  "PhaseResolution": 1,
  "ReceiveCoilName": "HeadNeck_64",
  "ReceiveCoilActiveElements": "HC1-7;NC1,2",
  "CoilString": "HC1-7;NC1_2",
  "PulseSequenceDetails": "%SiemensSeq%_ep2d_bold",
  "RefLinesPE": 24,
  "ConsistencyInfo": "N4_VE11C_LATEST_20160120",
  "MultibandAccelerationFactor": 2,
  "PercentPhaseFOV": 100,
  "EchoTrainLength": 63,
  "PhaseEncodingSteps": 127,
  "AcquisitionMatrixPE": 128,
  "ReconMatrixPE": 128,
  "BandwidthPerPixelPhaseEncode": 24.414,
  "ParallelReductionFactorInPlane": 2,
  "EffectiveEchoSpacing": 0.000320001,
  "DerivedVendorReportedEchoSpacing": 0.000640002,
  "TotalReadoutTime": 0.0406401,
  "PixelBandwidth": 1860,
  "DwellTime": 0.0000021,
  "PhaseEncodingDirection": "j",
  "SliceTiming": [
    1.29,
    0,
    1.3675,
    0.075,
    1.4425,
    0.15,
    1.5175,
    0.2275,
    1.595,
    0.3025,
    1.67,
    0.3775,
    1.7475,
    0.455,
    1.8225,
    0.53,
    1.8975,
    0.6075,
    1.975,
    0.6825,
    2.05,
    0.7575,
    2.1275,
    0.835,
    2.2025,
    0.91,
    2.2775,
    0.9875,
    2.355,
    1.0625,
    2.43,
    1.1375,
    2.5075,
    1.215,
    2.5825,
    1.29,
    0,
    1.3675,
    0.075,
    1.4425,
    0.15,
    1.5175,
    0.2275,
    1.595,
    0.3025,
    1.67,
    0.3775,
    1.7475,
    0.455,
    1.8225,
    0.53,
    1.8975,
    0.6075,
    1.975,
    0.6825,
    2.05,
    0.7575,
    2.1275,
    0.835,
    2.2025,
    0.91,
    2.2775,
    0.9875,
    2.355,
    1.0625,
    2.43,
    1.1375,
    2.5075,
    1.215,
    2.5825
  ],
  "ImageOrientationPatientDICOM": [
    0.999965,
    0.000935197,
    -0.00825165,
    2.43277E-8,
    0.993639,
    0.112617
  ],
  "InPlanePhaseEncodingDirectionDICOM": "COL",
  "ConversionSoftware": "dcm2niix",
  "ConversionSoftwareVersion": "v1.0.20190902",
  "TaskName": "motor"
}
