{
  "Modality": "MR",
  "MagneticFieldStrength": 3,
  "ImagingFrequency": 123.258,
  "Manufacturer": "Siemens",
  "ManufacturersModelName": "MAGNETOM Prisma",
  "InstitutionName": "ShanDong Provincial Hospital",
  "InstitutionalDepartmentName": "Department",
  "InstitutionAddress": "Street StreetNo,Ji Nan,District,CN,ZIP",
  "DeviceSerialNumber": "166105",
  "StationName": "AWP166105",
  "BodyPartExamined": "HEAD",
  "PatientPosition": "HFS",
  "ProcedureStepDescription": "Head^G-Res",
  "SoftwareVersions": "syngo MR E11",
  "MRAcquisitionType": "2D",
  "SeriesDescription": "brain-spinal_ep2d_PA_B0_epi1.5X1.5_motor_L",
  "ProtocolName": "brain-spinal_ep2d_PA_B0_epi1.5X1.5_motor_L",
  "ScanningSequence": "EP",
  "SequenceVariant": "SK\\SP",
  "ScanOptions": "PFP\\SFS",
  "SequenceName": "*ep_b0",
  "ImageType": [
    "ORIGINAL",
    "PRIMARY",
    "DIFFUSION",
    "NONE",
    "ND",
    "NORM"
  ],
  "SeriesNumber": 13,
  "AcquisitionTime": "18:40:22.140000",
  "AcquisitionNumber": 1,
  "SliceThickness": 4,
  "SpacingBetweenSlices": 4,
  "SAR": 0.226346,
  "EchoTime": 0.087,
  "RepetitionTime": 7.5,
  "SpoilingState": false,
  "FlipAngle": 90,
  "PartialFourier": 0.875,
  "BaseResolution": 128,
  "ShimSetting": [
    368,
    -11614,
    6857,
    -193,
    50,
    80,
    584,
    68
  ],
  "DiffusionScheme": "Monopolar",
  "TxRefAmp": 256.042,
  "PhaseResolution": 1,
  "ReceiveCoilName": "HeadNeck_64",
  "ReceiveCoilActiveElements": "HC1-7;NC1,2",
  "PulseSequenceDetails": "%SiemensSeq%\\ep2d_diff",
  "RefLinesPE": 40,
  "CoilCombinationMethod": "Adaptive Combine",
  "ConsistencyInfo": "N4_VE11C_LATEST_20160120",
  "PercentPhaseFOV": 100,
  "PercentSampling": 100,
  "EchoTrainLength": 55,
  "PhaseEncodingSteps": 110,
  "AcquisitionMatrixPE": 128,
  "ReconMatrixPE": 128,
  "BandwidthPerPixelPhaseEncode": 24.414,
  "ParallelReductionFactorInPlane": 2,
  "EffectiveEchoSpacing": 0.000320001,
  "DerivedVendorReportedEchoSpacing": 0.000640002,
  "TotalReadoutTime": 0.0406401,
  "PixelBandwidth": 1860,
  "DwellTime": 0.0000021,
  "PhaseEncodingDirection": "j",
  "SliceTiming": [
    3.64062,
    0,
    3.85938,
    0.21875,
    4.0625,
    0.4375,
    4.28125,
    0.64062,
    4.5,
    0.85938,
    4.70312,
    1.07812,
    4.92188,
    1.28125,
    5.14062,
    1.5,
    5.34375,
    1.71875,
    5.5625,
    1.9375,
    5.78125,
    2.14062,
    5.98438,
    2.35938,
    6.20312,
    2.5625,
    6.42188,
    2.78125,
    6.625,
    3,
    6.84375,
    3.21875,
    7.0625,
    3.42188,
    7.26562,
    3.64062,
    0,
    3.85938,
    0.21875,
    4.0625,
    0.4375,
    4.28125,
    0.64062,
    4.5,
    0.85938,
    4.70312,
    1.07812,
    4.92188,
    1.28125,
    5.14062,
    1.5,
    5.34375,
    1.71875,
    5.5625,
    1.9375,
    5.78125,
    2.14062,
    5.98438,
    2.35938,
    6.20312,
    2.5625,
    6.42188,
    2.78125,
    6.625,
    3,
    6.84375,
    3.21875,
    7.0625,
    3.42188,
    7.26562
  ],
  "ImageOrientationPatientDICOM": [
    0.999966,
    -0.00000484457,
    -0.00826006,
    4.44239E-8,
    1,
    -0.000581127
  ],
  "ImageOrientationText": "Tra>Sag(-0.5)>Cor(-0.0)",
  "InPlanePhaseEncodingDirectionDICOM": "COL",
  "ConversionSoftware": "dcm2niix",
  "ConversionSoftwareVersion": "v1.0.20211006",
  "NumberShots": 1,
  "MRTransmitCoilSequence": "Head/Neck",
  "MatrixCoilMode": "GRAPPA",
  "PulseSequenceType": "EPI",
  "B0FieldIdentifier": "b0map",
  "MTState": false,
  "GradientSetType": "XR",
  "ParallelReductionFactorOutOfPlane": 1,
  "ParallelAcquisitionTechnique": "GRAPPA",
  "PartialFourierDirection": "PHASE",
  "SliceEncodingDirection": "k"
}
