{
	"Modality": "MR",
	"MagneticFieldStrength": 3,
	"ImagingFrequency": 123.258,
	"Manufacturer": "Siemens",
	"ManufacturersModelName": "Prisma",
	"InstitutionName": "ShanDong Provincial Hospital",
	"InstitutionalDepartmentName": "Department",
	"InstitutionAddress": "Street StreetNo,Ji Nan,District,CN,ZIP",
	"DeviceSerialNumber": "166105",
	"StationName": "AWP166105",
	"BodyPartExamined": "HEAD",
	"PatientPosition": "HFS",
	"ProcedureStepDescription": "Head^G-Res",
	"SoftwareVersions": "syngo MR E11",
	"MRAcquisitionType": "2D",
	"SeriesDescription": "brain-spinal_ep2d_PA_B0_epi1.5X1.5_motor_R",
	"ProtocolName": "brain-spinal_ep2d_PA_B0_epi1.5X1.5_motor_R",
	"ScanningSequence": "EP",
	"SequenceVariant": "SK\\SP",
	"ScanOptions": "PFP\\SFS",
	"SequenceName": "*ep_b0",
	"ImageType": ["ORIGINAL", "PRIMARY", "DIFFUSION", "NONE", "ND", "NORM"],
	"SeriesNumber": 4,
	"AcquisitionTime": "21:32:9.620000",
	"AcquisitionNumber": 1,
	"SliceThickness": 4,
	"SpacingBetweenSlices": 4,
	"SAR": 0.167566,
	"EchoTime": 0.087,
	"RepetitionTime": 7.5,
	"SpoilingState": true,
	"FlipAngle": 90,
	"PartialFourier": 0.875,
	"BaseResolution": 128,
	"ShimSetting": [
		384,
		-11639,
		6907,
		-596,
		78,
		491,
		-277,
		221	],
	"DiffusionScheme": "Monopolar",
	"TxRefAmp": 246.953,
	"PhaseResolution": 1,
	"ReceiveCoilName": "HeadNeck_64",
	"ReceiveCoilActiveElements": "HC1-7;NC1,2",
	"PulseSequenceDetails": "%SiemensSeq%\\ep2d_diff",
	"RefLinesPE": 40,
	"CoilCombinationMethod": "Adaptive Combine",
	"ConsistencyInfo": "N4_VE11C_LATEST_20160120",
	"MultibandAccelerationFactor": 2,
	"PercentPhaseFOV": 100,
	"PercentSampling": 100,
	"EchoTrainLength": 55,
	"PhaseEncodingSteps": 110,
	"AcquisitionMatrixPE": 128,
	"ReconMatrixPE": 128,
	"BandwidthPerPixelPhaseEncode": 24.414,
	"ParallelReductionFactorInPlane": 2,
	"EffectiveEchoSpacing": 0.000320001,
	"DerivedVendorReportedEchoSpacing": 0.000640002,
	"TotalReadoutTime": 0.0406401,
	"PixelBandwidth": 1860,
	"DwellTime": 2.1e-06,
	"PhaseEncodingDirection": "j",
	"SliceTiming": [
		3.64062,
		0,
		3.84375,
		0.21875,
		4.0625,
		0.4375,
		4.28125,
		0.64062,
		4.48438,
		0.85938,
		4.70312,
		1.07812,
		4.92188,
		1.28125,
		5.14062,
		1.5,
		5.34375,
		1.71875,
		5.5625,
		1.92188,
		5.76562,
		2.14062,
		5.98438,
		2.35938,
		6.20312,
		2.5625,
		6.42188,
		2.78125,
		6.625,
		3,
		6.84375,
		3.20312,
		7.0625,
		3.42188,
		7.26562,
		3.64062,
		0,
		3.84375,
		0.21875,
		4.0625,
		0.4375,
		4.28125,
		0.64062,
		4.48438,
		0.85938,
		4.70312,
		1.07812,
		4.92188,
		1.28125,
		5.14062,
		1.5,
		5.34375,
		1.71875,
		5.5625,
		1.92188,
		5.76562,
		2.14062,
		5.98438,
		2.35938,
		6.20312,
		2.5625,
		6.42188,
		2.78125,
		6.625,
		3,
		6.84375,
		3.20312,
		7.0625,
		3.42188,
		7.26562	],
	"ImageOrientationPatientDICOM": [
		0.999966,
		0.000384618,
		-0.00825867,
		9.03848e-09,
		0.998917,
		0.0465221	],
	"ImageOrientationText": "Tra>Cor(2.7)>Sag(-0.5)",
	"InPlanePhaseEncodingDirectionDICOM": "COL",
	"ConversionSoftware": "dcm2niix",
	"ConversionSoftwareVersion": "v1.0.20211006"
}
