{
  "Modality": "MR",
  "MagneticFieldStrength": 3,
  "ImagingFrequency": 123.258,
  "Manufacturer": "Siemens",
  "ManufacturersModelName": "MAGNETOM Prisma",
  "InstitutionName": "ShanDong Provincial Hospital",
  "InstitutionalDepartmentName": "Department",
  "InstitutionAddress": "Street StreetNo,Ji Nan,District,CN,ZIP",
  "DeviceSerialNumber": "166105",
  "StationName": "AWP166105",
  "BodyPartExamined": "HEAD",
  "PatientPosition": "HFS",
  "ProcedureStepDescription": "Head^G-Res",
  "SoftwareVersions": "syngo MR E11",
  "MRAcquisitionType": "2D",
  "SeriesDescription": "brain-spinal_ep2d_AP_B0_epi1.5X1.5_motor_R",
  "ProtocolName": "brain-spinal_ep2d_AP_B0_epi1.5X1.5_motor_R",
  "ScanningSequence": "EP",
  "SequenceVariant": "SK\\SP",
  "ScanOptions": "PFP\\SFS",
  "SequenceName": "*ep_b0",
  "ImageType": [
    "ORIGINAL",
    "PRIMARY",
    "DIFFUSION",
    "NONE",
    "ND",
    "NORM"
  ],
  "SeriesNumber": 12,
  "AcquisitionTime": "13:04:47.310000",
  "AcquisitionNumber": 1,
  "SliceThickness": 4,
  "SpacingBetweenSlices": 4,
  "SAR": 0.230285,
  "EchoTime": 0.087,
  "RepetitionTime": 7.5,
  "SpoilingState": false,
  "FlipAngle": 90,
  "PartialFourier": 0.875,
  "BaseResolution": 128,
  "ShimSetting": [
    340,
    -11634,
    6919,
    -250,
    121,
    400,
    -234,
    67
  ],
  "DiffusionScheme": "Monopolar",
  "TxRefAmp": 253.263,
  "PhaseResolution": 1,
  "ReceiveCoilName": "HeadNeck_64",
  "ReceiveCoilActiveElements": "HC1-7;NC1,2",
  "PulseSequenceDetails": "%SiemensSeq%\\ep2d_diff",
  "RefLinesPE": 40,
  "CoilCombinationMethod": "Adaptive Combine",
  "ConsistencyInfo": "N4_VE11C_LATEST_20160120",
  "PercentPhaseFOV": 100,
  "PercentSampling": 100,
  "EchoTrainLength": 55,
  "PhaseEncodingSteps": 110,
  "AcquisitionMatrixPE": 128,
  "ReconMatrixPE": 128,
  "BandwidthPerPixelPhaseEncode": 24.414,
  "ParallelReductionFactorInPlane": 2,
  "EffectiveEchoSpacing": 0.000320001,
  "DerivedVendorReportedEchoSpacing": 0.000640002,
  "TotalReadoutTime": 0.0406401,
  "PixelBandwidth": 1860,
  "DwellTime": 0.0000021,
  "PhaseEncodingDirection": "j-",
  "SliceTiming": [
    3.63281,
    0,
    3.84375,
    0.21094,
    4.05469,
    0.42188,
    4.27344,
    0.64062,
    4.48438,
    0.85156,
    4.70312,
    1.0625,
    4.91406,
    1.28125,
    5.125,
    1.49219,
    5.34375,
    1.71094,
    5.55469,
    1.92188,
    5.76562,
    2.13281,
    5.97656,
    2.35156,
    6.19531,
    2.5625,
    6.40625,
    2.77344,
    6.625,
    2.99219,
    6.83594,
    3.20312,
    7.04688,
    3.41406,
    7.26562,
    3.63281,
    0,
    3.84375,
    0.21094,
    4.05469,
    0.42188,
    4.27344,
    0.64062,
    4.48438,
    0.85156,
    4.70312,
    1.0625,
    4.91406,
    1.28125,
    5.125,
    1.49219,
    5.34375,
    1.71094,
    5.55469,
    1.92188,
    5.76562,
    2.13281,
    5.97656,
    2.35156,
    6.19531,
    2.5625,
    6.40625,
    2.77344,
    6.625,
    2.99219,
    6.83594,
    3.20312,
    7.04688,
    3.41406,
    7.26562
  ],
  "ImageOrientationPatientDICOM": [
    0.99692,
    0.0157713,
    -0.0768213,
    -5.46063E-9,
    0.97957,
    0.201105
  ],
  "ImageOrientationText": "Tra>Cor(11.6)>Sag(-4.5)",
  "InPlanePhaseEncodingDirectionDICOM": "COL",
  "ConversionSoftware": "dcm2niix",
  "ConversionSoftwareVersion": "v1.0.20211006",
  "NumberShots": 1,
  "MRTransmitCoilSequence": "Head/Neck",
  "MatrixCoilMode": "GRAPPA",
  "PulseSequenceType": "EPI",
  "B0FieldIdentifier": "b0map",
  "MTState": false,
  "GradientSetType": "XR",
  "ParallelReductionFactorOutOfPlane": 1,
  "ParallelAcquisitionTechnique": "GRAPPA",
  "PartialFourierDirection": "PHASE",
  "SliceEncodingDirection": "k"
}
