{
  "Modality": "MR",
  "MagneticFieldStrength": 3,
  "ImagingFrequency": 123.258,
  "Manufacturer": "Siemens",
  "ManufacturersModelName": "MAGNETOM Prisma",
  "InstitutionName": "ShanDong_Provincial_Hospital",
  "InstitutionalDepartmentName": "Department",
  "InstitutionAddress": "Street_StreetNo_Ji_Nan_District_CN_ZIP",
  "DeviceSerialNumber": "166105",
  "StationName": "AWP166105",
  "BodyPartExamined": "HEAD",
  "PatientPosition": "HFS",
  "ProcedureStepDescription": "Head_G-Res",
  "SoftwareVersions": "syngo_MR_E11",
  "MRAcquisitionType": "2D",
  "SeriesDescription": "brain-spinal_ep2d_AP_B0_epi1.5X1.5_motor_2",
  "ProtocolName": "brain-spinal_ep2d_AP_B0_epi1.5X1.5_motor_2",
  "ScanningSequence": "EP",
  "SequenceVariant": "SK_SP",
  "ScanOptions": "PFP_SFS",
  "SequenceName": "_ep_b0",
  "ImageType": [
    "ORIGINAL",
    "PRIMARY",
    "DIFFUSION",
    "NONE",
    "ND",
    "NORM"
  ],
  "SeriesNumber": 15,
  "AcquisitionTime": "13:15:17.692500",
  "AcquisitionNumber": 1,
  "SliceThickness": 4,
  "SpacingBetweenSlices": 4,
  "SAR": 0.234038,
  "EchoTime": 0.087,
  "RepetitionTime": 7.5,
  "FlipAngle": 90,
  "PartialFourier": 0.875,
  "BaseResolution": 128,
  "ShimSetting": [
    363,
    -11651,
    6970,
    -447,
    52,
    427,
    -74,
    45
  ],
  "DiffusionScheme": "Monopolar",
  "TxRefAmp": 263.725,
  "PhaseResolution": 1,
  "ReceiveCoilName": "HeadNeck_64",
  "ReceiveCoilActiveElements": "HC1-7;NC1,2",
  "CoilString": "HC1-7;NC1_2",
  "PulseSequenceDetails": "%SiemensSeq%_ep2d_diff",
  "RefLinesPE": 40,
  "ConsistencyInfo": "N4_VE11C_LATEST_20160120",
  "MultibandAccelerationFactor": 2,
  "PercentPhaseFOV": 100,
  "EchoTrainLength": 55,
  "PhaseEncodingSteps": 110,
  "AcquisitionMatrixPE": 128,
  "ReconMatrixPE": 128,
  "BandwidthPerPixelPhaseEncode": 24.414,
  "ParallelReductionFactorInPlane": 2,
  "EffectiveEchoSpacing": 0.000320001,
  "DerivedVendorReportedEchoSpacing": 0.000640002,
  "TotalReadoutTime": 0.0406401,
  "PixelBandwidth": 1860,
  "DwellTime": 0.0000021,
  "PhaseEncodingDirection": "j-",
  "SliceTiming": [
    3.625,
    0,
    3.84375,
    0.20312,
    4.0625,
    0.42188,
    4.26562,
    0.64062,
    4.48438,
    0.85938,
    4.70312,
    1.0625,
    4.90625,
    1.28125,
    5.125,
    1.5,
    5.34375,
    1.70312,
    5.5625,
    1.92188,
    5.76562,
    2.14062,
    5.98438,
    2.34375,
    6.1875,
    2.5625,
    6.40625,
    2.78125,
    6.625,
    2.98438,
    6.82812,
    3.20312,
    7.04688,
    3.42188,
    7.26562,
    3.625,
    0,
    3.84375,
    0.20312,
    4.0625,
    0.42188,
    4.26562,
    0.64062,
    4.48438,
    0.85938,
    4.70312,
    1.0625,
    4.90625,
    1.28125,
    5.125,
    1.5,
    5.34375,
    1.70312,
    5.5625,
    1.92188,
    5.76562,
    2.14062,
    5.98438,
    2.34375,
    6.1875,
    2.5625,
    6.40625,
    2.78125,
    6.625,
    2.98438,
    6.82812,
    3.20312,
    7.04688,
    3.42188,
    7.26562
  ],
  "ImageOrientationPatientDICOM": [
    0.999965,
    0.000935197,
    -0.00825165,
    2.43277E-8,
    0.993639,
    0.112617
  ],
  "InPlanePhaseEncodingDirectionDICOM": "COL",
  "ConversionSoftware": "dcm2niix",
  "ConversionSoftwareVersion": "v1.0.20190902",
  "CoilCombinationMethod": "Adaptive Combine",
  "NumberShots": 1,
  "MRTransmitCoilSequence": "Head/Neck",
  "MatrixCoilMode": "GRAPPA",
  "PulseSequenceType": "EPI",
  "B0FieldIdentifier": "b0map",
  "MTState": false,
  "SpoilingState": false
}
