{
	"Modality": "MR",
	"MagneticFieldStrength": 3,
	"ImagingFrequency": 123.258,
	"Manufacturer": "Siemens",
	"ManufacturersModelName": "Prisma",
	"InstitutionName": "ShanDong Provincial Hospital",
	"InstitutionalDepartmentName": "Department",
	"InstitutionAddress": "Street StreetNo,Ji Nan,District,CN,ZIP",
	"DeviceSerialNumber": "166105",
	"StationName": "AWP166105",
	"BodyPartExamined": "HEAD",
	"PatientPosition": "HFS",
	"ProcedureStepDescription": "Head^G-Res",
	"SoftwareVersions": "syngo MR E11",
	"MRAcquisitionType": "2D",
	"SeriesDescription": "brain-spinal_ep2d_AP_B0_epi1.5X1.5_motor_L",
	"ProtocolName": "brain-spinal_ep2d_AP_B0_epi1.5X1.5_motor_L",
	"ScanningSequence": "EP",
	"SequenceVariant": "SK\\SP",
	"ScanOptions": "PFP\\SFS",
	"SequenceName": "*ep_b0",
	"ImageType": ["ORIGINAL", "PRIMARY", "DIFFUSION", "NONE", "ND", "NORM"],
	"SeriesNumber": 13,
	"AcquisitionTime": "06:47:42.642500",
	"AcquisitionNumber": 1,
	"SliceThickness": 4,
	"SpacingBetweenSlices": 4,
	"SAR": 0.173694,
	"EchoTime": 0.087,
	"RepetitionTime": 7.5,
	"SpoilingState": true,
	"FlipAngle": 90,
	"PartialFourier": 0.875,
	"BaseResolution": 128,
	"ShimSetting": [
		365,
		-11689,
		6925,
		-335,
		151,
		82,
		280,
		-167	],
	"DiffusionScheme": "Monopolar",
	"TxRefAmp": 259.648,
	"PhaseResolution": 1,
	"ReceiveCoilName": "HeadNeck_64",
	"ReceiveCoilActiveElements": "HC1-7;NC1,2",
	"PulseSequenceDetails": "%SiemensSeq%\\ep2d_diff",
	"RefLinesPE": 40,
	"CoilCombinationMethod": "Adaptive Combine",
	"ConsistencyInfo": "N4_VE11C_LATEST_20160120",
	"MultibandAccelerationFactor": 2,
	"PercentPhaseFOV": 100,
	"PercentSampling": 100,
	"EchoTrainLength": 55,
	"PhaseEncodingSteps": 110,
	"AcquisitionMatrixPE": 128,
	"ReconMatrixPE": 128,
	"BandwidthPerPixelPhaseEncode": 24.414,
	"ParallelReductionFactorInPlane": 2,
	"EffectiveEchoSpacing": 0.000320001,
	"DerivedVendorReportedEchoSpacing": 0.000640002,
	"TotalReadoutTime": 0.0406401,
	"PixelBandwidth": 1860,
	"DwellTime": 2.1e-06,
	"PhaseEncodingDirection": "j-",
	"SliceTiming": [
		3.62891,
		0,
		3.84766,
		0.21484,
		4.05859,
		0.42578,
		4.27344,
		0.64062,
		4.48438,
		0.85156,
		4.69922,
		1.06641,
		4.91406,
		1.28125,
		5.12891,
		1.49609,
		5.33984,
		1.70703,
		5.55469,
		1.92188,
		5.76953,
		2.13672,
		5.98438,
		2.34766,
		6.19531,
		2.5625,
		6.41016,
		2.77734,
		6.625,
		2.99219,
		6.83984,
		3.20312,
		7.05078,
		3.41797,
		7.26562,
		3.62891,
		0,
		3.84766,
		0.21484,
		4.05859,
		0.42578,
		4.27344,
		0.64062,
		4.48438,
		0.85156,
		4.69922,
		1.06641,
		4.91406,
		1.28125,
		5.12891,
		1.49609,
		5.33984,
		1.70703,
		5.55469,
		1.92188,
		5.76953,
		2.13672,
		5.98438,
		2.34766,
		6.19531,
		2.5625,
		6.41016,
		2.77734,
		6.625,
		2.99219,
		6.83984,
		3.20312,
		7.05078,
		3.41797,
		7.26562	],
	"ImageOrientationPatientDICOM": [
		0.999965,
		0.000935197,
		-0.00825165,
		2.43277e-08,
		0.993639,
		0.112617	],
	"ImageOrientationText": "Tra>Cor(6.5)>Sag(-0.5)",
	"InPlanePhaseEncodingDirectionDICOM": "COL",
	"ConversionSoftware": "dcm2niix",
	"ConversionSoftwareVersion": "v1.0.20211006"
}
