{
  "Modality": "MR",
  "MagneticFieldStrength": 3,
  "ImagingFrequency": 123.257,
  "Manufacturer": "Siemens",
  "ManufacturersModelName": "MAGNETOM Prisma",
  "InstitutionName": "ShanDong Provincial Hospital",
  "InstitutionalDepartmentName": "Department",
  "InstitutionAddress": "Street StreetNo,Ji Nan,District,CN,ZIP",
  "DeviceSerialNumber": "166105",
  "StationName": "AWP166105",
  "BodyPartExamined": "HEAD",
  "PatientPosition": "HFS",
  "ProcedureStepDescription": "Head^G-Res",
  "SoftwareVersions": "syngo MR E11",
  "MRAcquisitionType": "2D",
  "SeriesDescription": "brain-spinal_ep2d_PA_B0_epi1.5X1.5_motor_L",
  "ProtocolName": "brain-spinal_ep2d_PA_B0_epi1.5X1.5_motor_L",
  "ScanningSequence": "EP",
  "SequenceVariant": "SK\\SP",
  "ScanOptions": "PFP\\SFS",
  "SequenceName": "*ep_b0",
  "ImageType": [
    "ORIGINAL",
    "PRIMARY",
    "DIFFUSION",
    "NONE",
    "ND",
    "NORM"
  ],
  "SeriesNumber": 7,
  "AcquisitionTime": "06:38:48.055000",
  "AcquisitionNumber": 1,
  "SliceThickness": 4,
  "SpacingBetweenSlices": 4,
  "SAR": 0.211693,
  "EchoTime": 0.087,
  "RepetitionTime": 7.5,
  "SpoilingState": false,
  "FlipAngle": 90,
  "PartialFourier": 0.875,
  "BaseResolution": 128,
  "ShimSetting": [
    370,
    -11591,
    6928,
    -404,
    175,
    47,
    -269,
    158
  ],
  "DiffusionScheme": "Monopolar",
  "TxRefAmp": 276.823,
  "PhaseResolution": 1,
  "ReceiveCoilName": "HeadNeck_64",
  "ReceiveCoilActiveElements": "HC1-7;NC1,2",
  "PulseSequenceDetails": "%SiemensSeq%\\ep2d_diff",
  "RefLinesPE": 40,
  "CoilCombinationMethod": "Adaptive Combine",
  "ConsistencyInfo": "N4_VE11C_LATEST_20160120",
  "PercentPhaseFOV": 100,
  "PercentSampling": 100,
  "EchoTrainLength": 55,
  "PhaseEncodingSteps": 110,
  "AcquisitionMatrixPE": 128,
  "ReconMatrixPE": 128,
  "BandwidthPerPixelPhaseEncode": 24.414,
  "ParallelReductionFactorInPlane": 2,
  "EffectiveEchoSpacing": 0.000320001,
  "DerivedVendorReportedEchoSpacing": 0.000640002,
  "TotalReadoutTime": 0.0406401,
  "PixelBandwidth": 1860,
  "DwellTime": 0.0000021,
  "PhaseEncodingDirection": "j",
  "SliceTiming": [
    3.63281,
    0,
    3.84766,
    0.21484,
    4.0625,
    0.42969,
    4.27734,
    0.64453,
    4.48828,
    0.85547,
    4.70312,
    1.07031,
    4.91406,
    1.28125,
    5.12891,
    1.5,
    5.34375,
    1.71094,
    5.55859,
    1.92578,
    5.76953,
    2.13672,
    5.98438,
    2.35156,
    6.19922,
    2.56641,
    6.41406,
    2.77734,
    6.625,
    2.99219,
    6.83984,
    3.20703,
    7.05469,
    3.42188,
    7.26953,
    3.63281,
    0,
    3.84766,
    0.21484,
    4.0625,
    0.42969,
    4.27734,
    0.64453,
    4.48828,
    0.85547,
    4.70312,
    1.07031,
    4.91406,
    1.28125,
    5.12891,
    1.5,
    5.34375,
    1.71094,
    5.55859,
    1.92578,
    5.76953,
    2.13672,
    5.98438,
    2.35156,
    6.19922,
    2.56641,
    6.41406,
    2.77734,
    6.625,
    2.99219,
    6.83984,
    3.20703,
    7.05469,
    3.42188,
    7.26953
  ],
  "ImageOrientationPatientDICOM": [
    0.999966,
    0.0000816443,
    -0.00826,
    4.96749E-8,
    0.999951,
    0.00988983
  ],
  "ImageOrientationText": "Tra>Cor(0.6)>Sag(-0.5)",
  "InPlanePhaseEncodingDirectionDICOM": "COL",
  "ConversionSoftware": "dcm2niix",
  "ConversionSoftwareVersion": "v1.0.20211006",
  "NumberShots": 1,
  "MRTransmitCoilSequence": "Head/Neck",
  "MatrixCoilMode": "GRAPPA",
  "PulseSequenceType": "EPI",
  "B0FieldIdentifier": "b0map",
  "MTState": false,
  "GradientSetType": "XR",
  "ParallelReductionFactorOutOfPlane": 1,
  "ParallelAcquisitionTechnique": "GRAPPA",
  "PartialFourierDirection": "PHASE",
  "SliceEncodingDirection": "k"
}
