{
  "Modality": "MR",
  "MagneticFieldStrength": 3,
  "ImagingFrequency": 123.258,
  "Manufacturer": "Siemens",
  "ManufacturersModelName": "Prisma",
  "InstitutionName": "ShanDong Provincial Hospital",
  "InstitutionalDepartmentName": "Department",
  "InstitutionAddress": "Street StreetNo,Ji Nan,District,CN,ZIP",
  "DeviceSerialNumber": "166105",
  "StationName": "AWP166105",
  "BodyPartExamined": "HEAD",
  "PatientPosition": "HFS",
  "ProcedureStepDescription": "Head^G-Res",
  "SoftwareVersions": "syngo MR E11",
  "MRAcquisitionType": "2D",
  "SeriesDescription": "brain-spinal_ep2d_motor_L_task",
  "ProtocolName": "brain-spinal_ep2d_motor_L_task",
  "ScanningSequence": "EP",
  "SequenceVariant": "SK",
  "ScanOptions": "SAT1\\FS",
  "SequenceName": "*epfid2d1_128",
  "ImageType": [
    "ORIGINAL",
    "PRIMARY",
    "M",
    "ND",
    "NORM",
    "MOSAIC"
  ],
  "SeriesNumber": 5,
  "AcquisitionTime": "06:30:33.540000",
  "AcquisitionNumber": 1,
  "SliceThickness": 4,
  "SpacingBetweenSlices": 4,
  "SAR": 0.140608,
  "EchoTime": 0.027,
  "RepetitionTime": 2.68,
  "FlipAngle": 80,
  "PartialFourier": 1,
  "BaseResolution": 128,
  "ShimSetting": [
    335,
    -11620,
    6895,
    -46,
    -43,
    68,
    490,
    -80
  ],
  "TxRefAmp": 260.226,
  "PhaseResolution": 1,
  "ReceiveCoilName": "HeadNeck_64",
  "ReceiveCoilActiveElements": "HC1-7;NC1,2",
  "PulseSequenceDetails": "%SiemensSeq%\\ep2d_bold",
  "RefLinesPE": 24,
  "CoilCombinationMethod": "Sum of Squares",
  "ConsistencyInfo": "N4_VE11C_LATEST_20160120",
  "MultibandAccelerationFactor": 2,
  "PercentPhaseFOV": 100,
  "PercentSampling": 100,
  "EchoTrainLength": 63,
  "PhaseEncodingSteps": 127,
  "AcquisitionMatrixPE": 128,
  "ReconMatrixPE": 128,
  "BandwidthPerPixelPhaseEncode": 24.414,
  "ParallelReductionFactorInPlane": 2,
  "EffectiveEchoSpacing": 0.000320001,
  "DerivedVendorReportedEchoSpacing": 0.000640002,
  "TotalReadoutTime": 0.0406401,
  "PixelBandwidth": 1860,
  "DwellTime": 0.0000021,
  "PhaseEncodingDirection": "j",
  "SliceTiming": [
    1.29,
    0,
    1.3675,
    0.075,
    1.4425,
    0.15,
    1.52,
    0.2275,
    1.595,
    0.3025,
    1.67,
    0.38,
    1.7475,
    0.455,
    1.8225,
    0.53,
    1.9,
    0.6075,
    1.975,
    0.6825,
    2.05,
    0.76,
    2.1275,
    0.835,
    2.2025,
    0.91,
    2.28,
    0.9875,
    2.355,
    1.0625,
    2.43,
    1.14,
    2.5075,
    1.215,
    2.5825,
    1.29,
    0,
    1.3675,
    0.075,
    1.4425,
    0.15,
    1.52,
    0.2275,
    1.595,
    0.3025,
    1.67,
    0.38,
    1.7475,
    0.455,
    1.8225,
    0.53,
    1.9,
    0.6075,
    1.975,
    0.6825,
    2.05,
    0.76,
    2.1275,
    0.835,
    2.2025,
    0.91,
    2.28,
    0.9875,
    2.355,
    1.0625,
    2.43,
    1.14,
    2.5075,
    1.215,
    2.5825
  ],
  "ImageOrientationPatientDICOM": [
    0.999966,
    0.000731899,
    -0.00825496,
    -5.9401E-8,
    0.996093,
    0.0883082
  ],
  "ImageOrientationText": "Tra>Cor(5.1)>Sag(-0.5)",
  "InPlanePhaseEncodingDirectionDICOM": "COL",
  "ConversionSoftware": "dcm2niix",
  "ConversionSoftwareVersion": "v1.0.20211006",
  "TaskName": "motor"
}
