{
	"Modality": "MR",
	"MagneticFieldStrength": 3,
	"ImagingFrequency": 123.258,
	"Manufacturer": "Siemens",
	"ManufacturersModelName": "Prisma",
	"InstitutionName": "ShanDong Provincial Hospital",
	"InstitutionalDepartmentName": "Department",
	"InstitutionAddress": "Street StreetNo,Ji Nan,District,CN,ZIP",
	"DeviceSerialNumber": "166105",
	"StationName": "AWP166105",
	"BodyPartExamined": "HEAD",
	"PatientPosition": "HFS",
	"ProcedureStepDescription": "Head^G-Res",
	"SoftwareVersions": "syngo MR E11",
	"MRAcquisitionType": "2D",
	"SeriesDescription": "brain-spinal_ep2d_AP_B0_epi1.5X1.5_motor_L",
	"ProtocolName": "brain-spinal_ep2d_AP_B0_epi1.5X1.5_motor_L",
	"ScanningSequence": "EP",
	"SequenceVariant": "SK\\SP",
	"ScanOptions": "PFP\\SFS",
	"SequenceName": "*ep_b0",
	"ImageType": ["ORIGINAL", "PRIMARY", "DIFFUSION", "NONE", "ND", "NORM"],
	"SeriesNumber": 6,
	"AcquisitionTime": "19:34:44.662500",
	"AcquisitionNumber": 1,
	"SliceThickness": 4,
	"SpacingBetweenSlices": 4,
	"SAR": 0.236724,
	"EchoTime": 0.087,
	"RepetitionTime": 7.5,
	"SpoilingState": true,
	"FlipAngle": 90,
	"PartialFourier": 0.875,
	"BaseResolution": 128,
	"ShimSetting": [
		515,
		-11681,
		7014,
		230,
		153,
		63,
		-556,
		-184	],
	"DiffusionScheme": "Monopolar",
	"TxRefAmp": 247.2,
	"PhaseResolution": 1,
	"ReceiveCoilName": "HeadNeck_64",
	"ReceiveCoilActiveElements": "HC1-7;NC1,2",
	"PulseSequenceDetails": "%SiemensSeq%\\ep2d_diff",
	"RefLinesPE": 40,
	"CoilCombinationMethod": "Adaptive Combine",
	"ConsistencyInfo": "N4_VE11C_LATEST_20160120",
	"MultibandAccelerationFactor": 2,
	"PercentPhaseFOV": 100,
	"PercentSampling": 100,
	"EchoTrainLength": 55,
	"PhaseEncodingSteps": 110,
	"AcquisitionMatrixPE": 128,
	"ReconMatrixPE": 128,
	"BandwidthPerPixelPhaseEncode": 24.414,
	"ParallelReductionFactorInPlane": 2,
	"EffectiveEchoSpacing": 0.000320001,
	"DerivedVendorReportedEchoSpacing": 0.000640002,
	"TotalReadoutTime": 0.0406401,
	"PixelBandwidth": 1860,
	"DwellTime": 2.1e-06,
	"PhaseEncodingDirection": "j-",
	"SliceTiming": [
		3.625,
		0,
		3.84375,
		0.21875,
		4.0625,
		0.42188,
		4.28125,
		0.64062,
		4.48438,
		0.85938,
		4.70312,
		1.0625,
		4.90625,
		1.28125,
		5.125,
		1.5,
		5.34375,
		1.70312,
		5.5625,
		1.92188,
		5.76562,
		2.14062,
		5.98438,
		2.34375,
		6.20312,
		2.5625,
		6.40625,
		2.78125,
		6.625,
		2.98438,
		6.84375,
		3.20312,
		7.04688,
		3.42188,
		7.26562,
		3.625,
		0,
		3.84375,
		0.21875,
		4.0625,
		0.42188,
		4.28125,
		0.64062,
		4.48438,
		0.85938,
		4.70312,
		1.0625,
		4.90625,
		1.28125,
		5.125,
		1.5,
		5.34375,
		1.70312,
		5.5625,
		1.92188,
		5.76562,
		2.14062,
		5.98438,
		2.34375,
		6.20312,
		2.5625,
		6.40625,
		2.78125,
		6.625,
		2.98438,
		6.84375,
		3.20312,
		7.04688,
		3.42188,
		7.26562	],
	"ImageOrientationPatientDICOM": [
		0.999966,
		0.000789905,
		-0.0082541,
		-3.1813e-08,
		0.995452,
		0.0952595	],
	"ImageOrientationText": "Tra>Cor(5.5)>Sag(-0.5)",
	"InPlanePhaseEncodingDirectionDICOM": "COL",
	"ConversionSoftware": "dcm2niix",
	"ConversionSoftwareVersion": "v1.0.20211006"
}
