{
  "Modality": "MR",
  "MagneticFieldStrength": 3,
  "ImagingFrequency": 123.258,
  "Manufacturer": "Siemens",
  "ManufacturersModelName": "Prisma",
  "InstitutionName": "ShanDong_Provincial_Hospital",
  "InstitutionalDepartmentName": "Department",
  "InstitutionAddress": "Street_StreetNo_Ji_Nan_District_CN_ZIP",
  "DeviceSerialNumber": "166105",
  "StationName": "AWP166105",
  "BodyPartExamined": "HEAD",
  "PatientPosition": "HFS",
  "ProcedureStepDescription": "Head_G-Res",
  "SoftwareVersions": "syngo_MR_E11",
  "MRAcquisitionType": "3D",
  "SeriesDescription": "brain-spinal_t1_pre",
  "ProtocolName": "brain-spinal_t1_pre",
  "ScanningSequence": "GR_IR",
  "SequenceVariant": "SK_SP_MP",
  "ScanOptions": "IR",
  "SequenceName": "_tfl3d1_16ns",
  "ImageType": [
    "ORIGINAL",
    "PRIMARY",
    "M",
    "NORM",
    "DIS2D"
  ],
  "SeriesNumber": 2,
  "AcquisitionTime": "12:16:41.190000",
  "AcquisitionNumber": 1,
  "SliceThickness": 1,
  "SAR": 0.0728495,
  "EchoTime": 0.00228,
  "RepetitionTime": 2.3,
  "InversionTime": 0.9,
  "FlipAngle": 8,
  "PartialFourier": 1,
  "BaseResolution": 288,
  "ShimSetting": [
    372,
    -11566,
    6766,
    50,
    42,
    37,
    7,
    18
  ],
  "TxRefAmp": 276.608,
  "PhaseResolution": 1,
  "ReceiveCoilName": "HeadNeck_64",
  "ReceiveCoilActiveElements": "HC1-7;NC1,2",
  "CoilString": "HC1-7;NC1_2",
  "PulseSequenceDetails": "%SiemensSeq%_tfl",
  "RefLinesPE": 24,
  "ConsistencyInfo": "N4_VE11C_LATEST_20160120",
  "PercentPhaseFOV": 100,
  "PhaseEncodingSteps": 287,
  "AcquisitionMatrixPE": 288,
  "ReconMatrixPE": 288,
  "ParallelReductionFactorInPlane": 2,
  "PixelBandwidth": 200,
  "DwellTime": 0.0000087,
  "ImageOrientationPatientDICOM": [
    -0.0540676,
    0.998537,
    3.48836E-8,
    -0.0261488,
    -0.00141584,
    -0.999657
  ],
  "InPlanePhaseEncodingDirectionDICOM": "ROW",
  "ConversionSoftware": "dcm2niix",
  "ConversionSoftwareVersion": "v1.0.20190902",
  "CoilCombinationMethod": "Adaptive Combine",
  "EchoSpacing": 6.8,
  "EffectiveEchoSpacing": 0.0000068,
  "GradientSetType": "XR",
  "MRTransmitCoilSequence": "Head/Neck",
  "MTState": false,
  "MatrixCoilMode": "GRAPPA",
  "NumberShots": 1,
  "PulseSequenceType": "MPRAGE",
  "SpoilingState": false,
  "TotalReadoutTime": 0.001956
}
