{
  "Modality": "MR",
  "MagneticFieldStrength": 3,
  "ImagingFrequency": 123.258,
  "Manufacturer": "Siemens",
  "ManufacturersModelName": "Prisma",
  "InstitutionName": "ShanDong Provincial Hospital",
  "InstitutionalDepartmentName": "Department",
  "InstitutionAddress": "Street StreetNo,Ji Nan,District,CN,ZIP",
  "DeviceSerialNumber": "166105",
  "StationName": "AWP166105",
  "BodyPartExamined": "HEAD",
  "PatientPosition": "HFS",
  "ProcedureStepDescription": "Head^G-Res",
  "SoftwareVersions": "syngo MR E11",
  "MRAcquisitionType": "3D",
  "SeriesDescription": "brain-spinal_t1_pre",
  "ProtocolName": "brain-spinal_t1_pre",
  "ScanningSequence": "GR\\IR",
  "SequenceVariant": "SK\\SP\\MP",
  "ScanOptions": "IR",
  "SequenceName": "*tfl3d1_16ns",
  "ImageType": [
    "ORIGINAL",
    "PRIMARY",
    "M",
    "NORM",
    "DIS2D"
  ],
  "SeriesNumber": 2,
  "AcquisitionTime": "19:16:34.337500",
  "AcquisitionNumber": 1,
  "SliceThickness": 1,
  "SAR": 0.0671531,
  "EchoTime": 0.00228,
  "RepetitionTime": 2.3,
  "SpoilingState": true,
  "InversionTime": 0.9,
  "FlipAngle": 8,
  "PartialFourier": 1,
  "BaseResolution": 288,
  "ShimSetting": [
    372,
    -11566,
    6766,
    50,
    42,
    37,
    7,
    18
  ],
  "TxRefAmp": 247.2,
  "PhaseResolution": 1,
  "ReceiveCoilName": "HeadNeck_64",
  "ReceiveCoilActiveElements": "HC1-7;NC1,2",
  "PulseSequenceDetails": "%SiemensSeq%\\tfl",
  "RefLinesPE": 24,
  "CoilCombinationMethod": "Adaptive Combine",
  "ConsistencyInfo": "N4_VE11C_LATEST_20160120",
  "MatrixCoilMode": "GRAPPA",
  "PercentPhaseFOV": 100,
  "PercentSampling": 100,
  "PhaseEncodingSteps": 287,
  "AcquisitionMatrixPE": 288,
  "ReconMatrixPE": 288,
  "ParallelReductionFactorInPlane": 2,
  "PixelBandwidth": 200,
  "DwellTime": 0.0000087,
  "ImageOrientationPatientDICOM": [
    -0.0331709,
    0.99945,
    2.00172E-8,
    0.0714543,
    0.00237153,
    -0.997441
  ],
  "ImageOrientationText": "Sag>Tra(-4.1)>Cor(-1.9)",
  "InPlanePhaseEncodingDirectionDICOM": "ROW",
  "ConversionSoftware": "dcm2niix",
  "ConversionSoftwareVersion": "v1.0.20211006",
  "EchoSpacing": 6.8,
  "EffectiveEchoSpacing": 0.0000068,
  "GradientSetType": "XR",
  "MRTransmitCoilSequence": "Head/Neck",
  "MTState": false,
  "NumberShots": 1,
  "PulseSequenceType": "MPRAGE",
  "TotalReadoutTime": 0.001956
}
